GEM
  remote: https://rubygems.org/
  specs:
    builder (3.2.2)
    jwt (0.1.11)
      multi_json (>= 1.5)
    multi_json (1.8.4)
    rack (1.5.2)
    sinatra (1.1.0)
      rack (~> 1.1)
      tilt (~> 1.1)
    tilt (1.4.1)

PLATFORMS
  ruby

DEPENDENCIES
  sinatra (= 1.1.0)
